GEM
  remote: https://rubygems.org/
  specs:
    activesupport (5.1.1)
      concurrent-ruby (~> 1.0, >= 1.0.2)
      i18n (~> 0.7)
      minitest (~> 5.1)
      tzinfo (~> 1.1)
    addressable (2.5.1)
      public_suffix (~> 2.0, >= 2.0.2)
    addressabler (0.1.2)
      addressable (>= 2.3)
    awesome_print (1.8.0)
    concurrent-ruby (1.0.5)
    hashie (3.5.5)
    httparty (0.15.5)
      multi_xml (>= 0.5.2)
    i18n (0.8.4)
    kraken_client (1.1.5)
      activesupport (>= 3.2)
      addressabler
      hashie
      httparty
    minitest (5.10.2)
    money (6.9.0)
      i18n (>= 0.6.4, < 0.9)
    multi_xml (0.6.0)
    public_suffix (2.0.5)
    thread_safe (0.3.6)
    tzinfo (1.2.3)
      thread_safe (~> 0.1)

PLATFORMS
  ruby

DEPENDENCIES
  awesome_print
  kraken_client (~> 1.1.5)
  money

BUNDLED WITH
   1.15.1
